GEM
  remote: https://rubygems.org/
  specs:
    ankusa (0.1.0)
      fast-stemmer (>= 1.0.0)
    coderay (1.1.0)
    diff-lcs (1.2.5)
    fast-stemmer (1.0.2)
    method_source (0.8.2)
    pry (0.9.12.6)
      coderay (~> 1.0)
      method_source (~> 0.8)
      slop (~> 3.4)
    pry-nav (0.2.3)
      pry (~> 0.9.10)
    rake (10.3.2)
    rspec (2.99.0)
      rspec-core (~> 2.99.0)
      rspec-expectations (~> 2.99.0)
      rspec-mocks (~> 2.99.0)
    rspec-core (2.99.0)
    rspec-expectations (2.99.0)
      diff-lcs (>= 1.1.3, < 2.0)
    rspec-mocks (2.99.1)
    slop (3.5.0)

PLATFORMS
  ruby

DEPENDENCIES
  ankusa
  pry
  pry-nav
  rake
  rspec
